GIT
  remote: https://github.com/nightingaleproject/ije
  revision: 1fe38dff81cbe78f54296b273e055236ee41bfc9
  specs:
    ije (0.0.1)

GEM
  remote: https://rubygems.org/
  specs:
    concurrent-ruby (1.3.4)
    debug (1.9.2)
      irb (~> 1.10)
      reline (>= 0.3.8)
    faker (3.4.1)
      i18n (>= 1.8.11, < 2)
    i18n (1.14.6)
      concurrent-ruby (~> 1.0)
    io-console (0.7.2)
    irb (1.14.0)
      rdoc (>= 4.0.0)
      reline (>= 0.4.2)
    psych (5.1.2)
      stringio
    rdoc (6.7.0)
      psych (>= 4.0.0)
    reline (0.5.9)
      io-console (~> 0.5)
    stringio (3.1.1)
    weighted_distribution (1.1.0)

PLATFORMS
  ruby

DEPENDENCIES
  debug
  faker
  ije!
  weighted_distribution

BUNDLED WITH
   2.5.6
